PATH
  remote: .
  specs:
    apipie-dsl (0.0.1)

GEM
  remote: https://rubygems.org/
  specs:
    RedCloth (4.3.2)
    addressable (2.5.2)
      public_suffix (>= 2.0.2, < 4.0)
    json-schema (2.8.1)
      addressable (>= 2.4)
    maruku (0.7.3)
    minitest (5.11.3)
    public_suffix (3.0.3)
    rake (12.3.1)
    rdoc (6.0.4)

PLATFORMS
  ruby

DEPENDENCIES
  RedCloth
  apipie-dsl!
  bundler
  json-schema
  maruku
  minitest
  rake
  rdoc

BUNDLED WITH
   1.16.6
