PATH
  remote: .
  specs:
    apipie-dsl (0.1.0)
      nokogiri

GEM
  remote: https://rubygems.org/
  specs:
    RedCloth (4.3.2)
    addressable (2.6.0)
      public_suffix (>= 2.0.2, < 4.0)
    json-schema (2.8.1)
      addressable (>= 2.4)
    maruku (0.7.3)
    mini_portile2 (2.4.0)
    minitest (5.11.3)
    nokogiri (1.10.3)
      mini_portile2 (~> 2.4.0)
    public_suffix (3.1.1)
    rake (12.3.2)
    rdoc (6.1.1)

PLATFORMS
  ruby

DEPENDENCIES
  RedCloth
  apipie-dsl!
  bundler
  json-schema
  maruku
  minitest
  rake
  rdoc

BUNDLED WITH
   1.17.2
